PATH
  remote: .
  specs:
    silent_fail_check (0.0.1)
      activerecord (~> 4.0)

GEM
  remote: https://rubygems.org/
  specs:
    activemodel (4.0.4)
      activesupport (= 4.0.4)
      builder (~> 3.1.0)
    activerecord (4.0.4)
      activemodel (= 4.0.4)
      activerecord-deprecated_finders (~> 1.0.2)
      activesupport (= 4.0.4)
      arel (~> 4.0.0)
    activerecord-deprecated_finders (1.0.3)
    activesupport (4.0.4)
      i18n (~> 0.6, >= 0.6.9)
      minitest (~> 4.2)
      multi_json (~> 1.3)
      thread_safe (~> 0.1)
      tzinfo (~> 0.3.37)
    arel (4.0.2)
    builder (3.1.4)
    coderay (1.1.0)
    diff-lcs (1.2.5)
    i18n (0.6.9)
    method_source (0.8.2)
    minitest (4.7.5)
    multi_json (1.9.2)
    pry (0.9.12.6)
      coderay (~> 1.0)
      method_source (~> 0.8)
      slop (~> 3.4)
    rspec (2.14.1)
      rspec-core (~> 2.14.0)
      rspec-expectations (~> 2.14.0)
      rspec-mocks (~> 2.14.0)
    rspec-core (2.14.8)
    rspec-expectations (2.14.5)
      diff-lcs (>= 1.1.3, < 2.0)
    rspec-mocks (2.14.6)
    slop (3.4.7)
    sqlite3 (1.3.9)
    thread_safe (0.3.2)
    tzinfo (0.3.39)

PLATFORMS
  ruby

DEPENDENCIES
  bundler (~> 1.0)
  pry
  rspec (~> 2.3)
  silent_fail_check!
  sqlite3
